GEM
  remote: https://rubygems.org/
  specs:
    activesupport (4.1.4)
      i18n (~> 0.6, >= 0.6.9)
      json (~> 1.7, >= 1.7.7)
      minitest (~> 5.1)
      thread_safe (~> 0.1)
      tzinfo (~> 1.1)
    builder (3.2.2)
    coderay (1.1.0)
    httparty (0.13.1)
      json (~> 1.8)
      multi_xml (>= 0.5.2)
    i18n (0.6.11)
    json (1.8.1)
    method_source (0.8.2)
    mini_portile (0.6.0)
    minitest (5.4.0)
    multi_xml (0.5.5)
    nokogiri (1.6.3.1)
      mini_portile (= 0.6.0)
    pry (0.10.0)
      coderay (~> 1.1.0)
      method_source (~> 0.8.1)
      slop (~> 3.4)
    ruby-progressbar (1.5.1)
    slop (3.6.0)
    thread (0.1.4)
    thread_safe (0.3.4)
    tzinfo (1.2.1)
      thread_safe (~> 0.1)

PLATFORMS
  ruby

DEPENDENCIES
  activesupport
  builder
  httparty
  nokogiri
  pry
  ruby-progressbar
  thread
